GEM
  remote: http://rubygems.org/
  remote: http://gems.github.com/
  specs:
    cinch (2.0.4)

PLATFORMS
  ruby

DEPENDENCIES
  cinch
