GEM
  remote: https://rubygems.org/
  remote: http://gems.github.com/
  specs:
    cinch (2.0.4)
    diff-lcs (1.2.2)
    levenshtein (0.2.2)
    nokogiri (1.5.9)
    rspec (2.13.0)
      rspec-core (~> 2.13.0)
      rspec-expectations (~> 2.13.0)
      rspec-mocks (~> 2.13.0)
    rspec-core (2.13.1)
    rspec-expectations (2.13.0)
      diff-lcs (>= 1.1.3, < 2.0)
    rspec-mocks (2.13.0)

PLATFORMS
  ruby

DEPENDENCIES
  cinch
  levenshtein
  nokogiri
  rspec
