GEM
  remote: https://rubygems.org/
  remote: http://gems.github.com/
  specs:
    cinch (2.0.4)
    levenshtein (0.2.2)
    nokogiri (1.5.9)

PLATFORMS
  ruby

DEPENDENCIES
  cinch
  levenshtein
  nokogiri
