GEM
  remote: https://rubygems.org/
  remote: http://gems.github.com/
  specs:
    cinch (2.0.4)
    coderay (1.0.9)
    diff-lcs (1.2.2)
    levenshtein (0.2.2)
    method_source (0.8.1)
    nokogiri (1.5.9)
    pry (0.9.12)
      coderay (~> 1.0.5)
      method_source (~> 0.8)
      slop (~> 3.4)
    rspec (2.13.0)
      rspec-core (~> 2.13.0)
      rspec-expectations (~> 2.13.0)
      rspec-mocks (~> 2.13.0)
    rspec-core (2.13.1)
    rspec-expectations (2.13.0)
      diff-lcs (>= 1.1.3, < 2.0)
    rspec-mocks (2.13.0)
    slop (3.4.4)

PLATFORMS
  ruby

DEPENDENCIES
  cinch
  levenshtein
  nokogiri
  pry
  rspec
